GEM
  remote: https://rubygems.org/
  specs:
    awesome_print (1.9.2)
    dotenv (2.8.1)
    highline (2.1.0)
    httparty (0.21.0)
      mini_mime (>= 1.0.0)
      multi_xml (>= 0.5.2)
    json (2.7.1)
    mini_mime (1.1.5)
    multi_xml (0.6.0)
    options (2.3.2)
    progress_bar (1.3.3)
      highline (>= 1.6, < 3)
      options (~> 2.3.0)

PLATFORMS
  ruby

DEPENDENCIES
  awesome_print
  dotenv
  httparty
  json
  progress_bar

BUNDLED WITH
   2.1.4
